GEM
  remote: http://rubygems.org/
  specs:
    activemodel (3.0.0)
      activesupport (= 3.0.0)
      builder (~> 2.1.2)
      i18n (~> 0.4.1)
    activesupport (3.0.0)
    bson (1.8.3)
    bson_ext (1.8.3)
      bson (~> 1.8.3)
    builder (2.1.2)
    database_cleaner (0.9.1)
    diff-lcs (1.2.1)
    git (1.2.5)
    i18n (0.4.2)
    jeweler (1.8.4)
      bundler (~> 1.0)
      git (>= 1.2.5)
      rake
      rdoc
    json (1.7.7)
    mongo (1.8.3)
      bson (~> 1.8.3)
    mongo_mapper (0.12.0)
      activemodel (~> 3.0)
      activesupport (~> 3.0)
      plucky (~> 0.5.2)
    multi_json (1.7.1)
    plucky (0.5.2)
      mongo (~> 1.5)
    rake (10.0.3)
    randexp (0.1.7)
    rdoc (4.0.0)
      json (~> 1.4)
    redcarpet (2.2.2)
    rspec (2.13.0)
      rspec-core (~> 2.13.0)
      rspec-expectations (~> 2.13.0)
      rspec-mocks (~> 2.13.0)
    rspec-core (2.13.1)
    rspec-expectations (2.13.0)
      diff-lcs (>= 1.1.3, < 2.0)
    rspec-mocks (2.13.0)
    simplecov (0.7.1)
      multi_json (~> 1.0)
      simplecov-html (~> 0.7.1)
    simplecov-html (0.7.1)
    yard (0.8.5.2)

PLATFORMS
  ruby

DEPENDENCIES
  activesupport
  bson_ext
  database_cleaner
  jeweler
  mongo_mapper (~> 0.12.0)
  randexp
  redcarpet
  rspec
  simplecov
  yard
